GEM
  remote: http://rubygems.org/
  specs:
    camping (2.1)
      rack (>= 1.0)
    haml (3.0.21)
    maruku (0.6.0)
      syntax (>= 1.0.0)
    newrelic_rpm (2.13.3)
    oniguruma (1.1.0)
    plist (3.1.0)
    rack (1.2.1)
    syntax (1.0.0)
    textpow (0.10.1)
      oniguruma (>= 1.1.0)
      plist (>= 3.0.0)
    tilt (1.1)
    ultraviolet (0.10.2)
      textpow (>= 0.10.0)

PLATFORMS
  ruby

DEPENDENCIES
  camping
  haml
  maruku
  newrelic_rpm
  tilt
  ultraviolet
