GEM
  remote: http://rubygems.org/
  specs:
    camping (2.1)
      rack (>= 1.0)
    haml (3.0.21)
    maruku (0.7.2)
    newrelic_rpm (2.13.3)
    rack (1.2.1)
    rouge (1.7.7)
    tilt (1.1)

PLATFORMS
  ruby

DEPENDENCIES
  camping
  haml
  maruku
  newrelic_rpm
  rouge
  tilt
